GEM
  remote: https://rubygems.org/
  specs:
    asciidoctor (1.5.2)
    asciidoctor-diagram (1.3.1)
      asciidoctor (~> 1.5.0)
    slim (3.0.6)
      temple (~> 0.7.3)
      tilt (>= 1.3.3, < 2.1)
    temple (0.7.6)
    tilt (2.0.2)

PLATFORMS
  java
  ruby

DEPENDENCIES
  asciidoctor (>= 0.1.1)
  asciidoctor-diagram
  slim (>= 1.3.6)
  tilt

BUNDLED WITH
   1.11.2
