GEM
  remote: https://rubygems.org/
  specs:
    asciidoctor (1.5.2)
    asciidoctor-diagram (1.3.1)
      asciidoctor (~> 1.5.0)

PLATFORMS
  java
  ruby

DEPENDENCIES
  asciidoctor (>= 0.1.1)
  asciidoctor-diagram
